GEM
  remote: http://rubygems.org/
  remote: http://gemcutter.org/
  specs:
    activesupport (3.1.1)
      multi_json (~> 1.0)
    addressable (2.2.4)
    classifier (1.3.1)
      stemmer (>= 1.0.0)
    daemons (1.1.4)
    em-http-request (0.3.0)
      addressable (>= 2.0.0)
      escape_utils
      eventmachine (>= 0.12.9)
    escape_utils (0.2.3)
    eventmachine (0.12.10)
    hpricot (0.8.4)
    htmlentities (4.3.0)
    http_parser.rb (0.5.3)
    httparty (0.8.1)
      multi_json
      multi_xml
    imagesize (0.1.1)
    json (1.6.1)
    multi_json (1.0.3)
    multi_xml (0.4.1)
    nokogiri (1.5.0)
    rack (1.3.5)
    sanitize (2.0.3)
      nokogiri (>= 1.4.4, < 1.6)
    simple_oauth (0.1.5)
    sinatra (1.2.7)
      rack (~> 1.1)
      tilt (>= 1.2.2, < 2.0)
    sqlite3 (1.3.4)
    stemmer (1.0.1)
    thin (1.2.11)
      daemons (>= 1.0.9)
      eventmachine (>= 0.12.6)
      rack (>= 1.0.0)
    tilt (1.3.3)
    twitter-stream (0.1.14)
      eventmachine (>= 0.12.8)
      http_parser.rb (~> 0.5.1)
      simple_oauth (~> 0.1.4)
    twss (0.0.5)
      classifier (= 1.3.1)
    url_shortener (0.0.4)
      httparty (>= 0.4.5)
    xmpp4r (0.5)

PLATFORMS
  ruby

DEPENDENCIES
  activesupport
  em-http-request
  eventmachine
  hpricot
  htmlentities
  httparty
  imagesize
  json
  rack
  sanitize
  sinatra
  sqlite3
  thin
  twitter-stream
  twss
  url_shortener
  xmpp4r
