PATH
  remote: .
  specs:
    linkbot (1.3.1)
      activesupport (>= 5.1)
      bundler (>= 1.7)
      certifi (~> 14.5.14)
      chronic (>= 0.10.2)
      em-http-request (>= 1.1.5)
      em-irc (>= 0.0.2)
      eventmachine (~> 1.0)
      faraday (~> 0.9)
      faye-websocket (>= 0.10.1, < 0.12.0)
      hpricot (>= 0.8.6)
      htmlentities (>= 4.3)
      httparty (~> 0.13)
      image_size (>= 1.5.0)
      octokit (~> 2.0)
      phonie (>= 3.3.1)
      rack (>= 1.6.5)
      sanitize (>= 2.1, < 7.0)
      sinatra (~> 1.4)
      slack-ruby-client (~> 0.3.1)
      sqlite3 (~> 1.3)
      stock_quote (>= 1.2.6)
      thin (>= 1.8.0)
      twilio-ruby (>= 4.13.0)
      twitter-stream (>= 0.1.12)
      twss (>= 0.0.5)
      tzinfo (>= 1.2.2)
      unidecode (>= 1.0.0)
      xmpp4r (~> 0.5qq)

GEM
  remote: http://rubygems.org/
  specs:
    activesupport (6.1.4.1)
      concurrent-ruby (~> 1.0, >= 1.0.2)
      i18n (>= 1.6, < 2)
      minitest (>= 5.1)
      tzinfo (~> 2.0)
      zeitwerk (~> 2.3)
    addressable (2.3.8)
    byebug (11.1.3)
    certifi (14.5.14)
    chronic (0.10.2)
    classifier (1.3.1)
      stemmer (>= 1.0.0)
    coderay (1.1.0)
    concurrent-ruby (1.1.9)
    cookiejar (0.3.3)
    crass (1.0.6)
    daemons (1.4.1)
    diff-lcs (1.2.5)
    domain_name (0.5.20190701)
      unf (>= 0.0.5, < 1.0.0)
    em-http-request (1.1.5)
      addressable (>= 2.3.4)
      cookiejar (!= 0.3.1)
      em-socksify (>= 0.3)
      eventmachine (>= 1.0.3)
      http_parser.rb (>= 0.6.0)
    em-irc (0.0.2)
      activesupport
      eventmachine
    em-socksify (0.3.2)
      eventmachine (>= 1.0.0.beta.4)
    eventmachine (1.2.7)
    faraday (0.9.2)
      multipart-post (>= 1.2, < 3)
    faraday_middleware (0.13.1)
      faraday (>= 0.7.4, < 1.0)
    faye-websocket (0.11.1)
      eventmachine (>= 0.12.0)
      websocket-driver (>= 0.5.1)
    hpricot (0.8.6)
    htmlentities (4.3.4)
    http-cookie (1.0.3)
      domain_name (~> 0.5)
    http_parser.rb (0.6.0)
    httparty (0.17.1)
      mime-types (~> 3.0)
      multi_xml (>= 0.5.2)
    i18n (1.8.10)
      concurrent-ruby (~> 1.0)
    image_size (2.0.2)
    json (2.5.1)
    jwt (2.2.1)
    method_source (0.8.2)
    mime-types (3.4.1)
      mime-types-data (~> 3.2015)
    mime-types-data (3.2022.0105)
    mini_portile2 (2.6.1)
    minitest (5.14.4)
    multi_xml (0.6.0)
    multipart-post (2.1.1)
    netrc (0.11.0)
    nokogiri (1.12.5)
      mini_portile2 (~> 2.6.1)
      racc (~> 1.4)
    octokit (2.7.2)
      sawyer (~> 0.5.2)
    phonie (3.3.1)
    pry (0.10.1)
      coderay (~> 1.1.0)
      method_source (~> 0.8.1)
      slop (~> 3.4)
    racc (1.5.2)
    rack (1.6.13)
    rack-protection (1.5.5)
      rack
    rake (10.1.0)
    rb-readline (0.5.3)
    rest-client (2.0.2)
      http-cookie (>= 1.0.2, < 2.0)
      mime-types (>= 1.16, < 4.0)
      netrc (~> 0.8)
    roauth (0.0.8)
    rspec (3.0.0)
      rspec-core (~> 3.0.0)
      rspec-expectations (~> 3.0.0)
      rspec-mocks (~> 3.0.0)
    rspec-core (3.0.4)
      rspec-support (~> 3.0.0)
    rspec-expectations (3.0.4)
      diff-lcs (>= 1.2.0, < 2.0)
      rspec-support (~> 3.0.0)
    rspec-mocks (3.0.4)
      rspec-support (~> 3.0.0)
    rspec-support (3.0.4)
    sanitize (6.0.0)
      crass (~> 1.0.2)
      nokogiri (>= 1.12.0)
    sawyer (0.5.5)
      addressable (~> 2.3.5)
      faraday (~> 0.8, < 0.10)
    sinatra (1.4.8)
      rack (~> 1.5)
      rack-protection (~> 1.4)
      tilt (>= 1.3, < 3)
    slack-ruby-client (0.3.1)
      eventmachine
      faraday
      faraday_middleware
      faye-websocket
    slop (3.6.0)
    sqlite3 (1.4.2)
    stemmer (1.0.1)
    stock_quote (3.0.0)
      json
      rest-client (~> 2.0.2)
    thin (1.8.1)
      daemons (~> 1.0, >= 1.0.9)
      eventmachine (~> 1.0, >= 1.0.4)
      rack (>= 1, < 3)
    tilt (2.0.10)
    twilio-ruby (5.27.0)
      faraday (~> 0.9)
      jwt (>= 1.5, <= 2.5)
      nokogiri (>= 1.6, < 2.0)
    twitter-stream (0.1.12)
      eventmachine (>= 0.12.8)
      roauth (>= 0.0.2)
    twss (0.0.5)
      classifier (= 1.3.1)
    tzinfo (2.0.4)
      concurrent-ruby (~> 1.0)
    unf (0.1.4)
      unf_ext
    unf_ext (0.0.7.6)
    unidecode (1.0.0)
    websocket-driver (0.7.5)
      websocket-extensions (>= 0.1.0)
    websocket-extensions (0.1.5)
    xmpp4r (0.5.6)
    zeitwerk (2.4.2)

PLATFORMS
  ruby

DEPENDENCIES
  byebug (>= 3.2)
  linkbot!
  pry (>= 0.10.1)
  rake (>= 10.0)
  rb-readline (>= 0.5.3)
  rspec (>= 3.0)

BUNDLED WITH
   2.2.19
